GEM
  remote: https://rubygems.org/
  specs:
    daemons (1.2.4)
    i2c (0.4.0)

PLATFORMS
  ruby

DEPENDENCIES
  daemons
  i2c

BUNDLED WITH
   1.14.6
