GEM
  remote: https://rubygems.org/
  specs:
    daemons (1.2.4)
    i2c (0.4.0)
    rpi_gpio (0.3.2)

PLATFORMS
  ruby

DEPENDENCIES
  daemons
  i2c
  rpi_gpio

BUNDLED WITH
   1.14.6
